GEM
  remote: http://rubygems.org/
  specs:
    activesupport (2.3.14)
    addressable (2.2.6)
    crack (0.1.8)
    fakeweb (1.3.0)
    hashie (0.4.0)
    httparty (0.7.8)
      crack (= 0.1.8)
    nokogiri (1.5.0)
    rspec (1.3.2)

PLATFORMS
  ruby

DEPENDENCIES
  activesupport (~> 2.3)
  addressable (~> 2.2)
  fakeweb
  hashie (~> 0.1)
  httparty (~> 0.5)
  nokogiri
  rspec (~> 1.3.0)
